GEM
  remote: http://rubygems.org/
  specs:
    addressable (2.2.6)
    daemons (1.1.4)
    eventmachine (0.12.10)
    faraday (0.7.5)
      addressable (~> 2.2.6)
      multipart-post (~> 1.1.3)
      rack (>= 1.1.0, < 2)
    foreman (0.26.1)
      term-ansicolor (~> 1.0.5)
      thor (>= 0.13.6)
    haml (3.1.3)
    hashie (1.2.0)
    heroku (2.15.0)
      launchy (>= 0.3.2)
      rest-client (~> 1.6.1)
      rubyzip
      term-ansicolor (~> 1.0.5)
    launchy (2.0.5)
      addressable (~> 2.2.6)
    mime-types (1.17.2)
    multi_json (1.0.4)
    multipart-post (1.1.4)
    oauth2 (0.5.1)
      faraday (~> 0.7.4)
      multi_json (~> 1.0.3)
    omniauth (1.0.1)
      hashie (~> 1.2)
      rack
    omniauth-oauth2 (1.0.0)
      oauth2 (~> 0.5.0)
      omniauth (~> 1.0)
    omniauth-salesforce (1.0.0)
      omniauth (~> 1.0)
      omniauth-oauth2 (~> 1.0)
    rack (1.3.5)
    rack-protection (1.1.4)
      rack
    rest-client (1.6.7)
      mime-types (>= 1.16)
    rubyzip (0.9.5)
    sinatra (1.3.1)
      rack (~> 1.3, >= 1.3.4)
      rack-protection (~> 1.1, >= 1.1.2)
      tilt (~> 1.3, >= 1.3.3)
    term-ansicolor (1.0.7)
    thin (1.3.1)
      daemons (>= 1.0.9)
      eventmachine (>= 0.12.6)
      rack (>= 1.0.0)
    thor (0.14.6)
    tilt (1.3.3)

PLATFORMS
  ruby

DEPENDENCIES
  foreman
  haml
  heroku
  omniauth
  omniauth-salesforce
  sinatra
  thin
